GEM
  remote: https://rubygems.org/
  specs:
    addressable (2.3.4)
    bson (1.8.6)
    bson_ext (1.8.6)
      bson (~> 1.8.6)
    coderay (1.0.9)
    crack (0.3.2)
    diff-lcs (1.2.4)
    httparty (0.11.0)
      multi_json (~> 1.0)
      multi_xml (>= 0.5.2)
    json (1.7.7)
    method_source (0.8.1)
    mongo (1.8.6)
      bson (~> 1.8.6)
    multi_json (1.7.3)
    multi_xml (0.5.3)
    nokogiri (1.5.9)
    pry (0.9.12.2)
      coderay (~> 1.0.5)
      method_source (~> 0.8)
      slop (~> 3.4)
    rspec (2.13.0)
      rspec-core (~> 2.13.0)
      rspec-expectations (~> 2.13.0)
      rspec-mocks (~> 2.13.0)
    rspec-core (2.13.1)
    rspec-expectations (2.13.0)
      diff-lcs (>= 1.1.3, < 2.0)
    rspec-mocks (2.13.1)
    slop (3.4.5)
    vcr (2.5.0)
    webmock (1.11.0)
      addressable (>= 2.2.7)
      crack (>= 0.3.2)

PLATFORMS
  ruby

DEPENDENCIES
  bson_ext
  httparty
  json (~> 1.7.7)
  mongo
  nokogiri
  pry
  rspec
  vcr
  webmock
